GIT
  remote: https://github.com/paweldudek/danger-swiftlint
  revision: 2ae416a243f3c3d35cbe465e66a4c39e529eb423
  branch: master
  specs:
    danger-swiftlint (0.1.2)
      danger

GEM
  remote: https://rubygems.org/
  specs:
    CFPropertyList (3.0.0)
    activesupport (5.2.2)
      concurrent-ruby (~> 1.0, >= 1.0.2)
      i18n (>= 0.7, < 2)
      minitest (~> 5.1)
      tzinfo (~> 1.1)
    addressable (2.4.0)
    atomos (0.1.3)
    backports (3.12.0)
    claide (1.0.2)
    clamp (0.6.5)
    cocoapods (1.0.1)
      activesupport (>= 4.0.2)
      claide (>= 1.0.0, < 2.0)
      cocoapods-core (= 1.0.1)
      cocoapods-deintegrate (>= 1.0.0, < 2.0)
      cocoapods-downloader (>= 1.0.0, < 2.0)
      cocoapods-plugins (>= 1.0.0, < 2.0)
      cocoapods-search (>= 1.0.0, < 2.0)
      cocoapods-stats (>= 1.0.0, < 2.0)
      cocoapods-trunk (>= 1.0.0, < 2.0)
      cocoapods-try (>= 1.0.0, < 2.0)
      colored (~> 1.2)
      escape (~> 0.0.4)
      fourflusher (~> 0.3.0)
      molinillo (~> 0.4.5)
      nap (~> 1.0)
      xcodeproj (>= 1.1.0, < 2.0)
    cocoapods-core (1.0.1)
      activesupport (>= 4.0.2)
      fuzzy_match (~> 2.0.4)
      nap (~> 1.0)
    cocoapods-deintegrate (1.0.3)
    cocoapods-downloader (1.2.2)
    cocoapods-plugins (1.0.0)
      nap
    cocoapods-search (1.0.0)
    cocoapods-stats (1.1.0)
    cocoapods-trunk (1.3.1)
      nap (>= 0.8, < 2.0)
      netrc (~> 0.11)
    cocoapods-try (1.1.0)
    colored (1.2)
    colored2 (3.1.2)
    colorize (0.8.1)
    concurrent-ruby (1.1.4)
    cork (0.3.0)
      colored2 (~> 3.1)
    danger (0.8.5)
      claide (~> 1.0)
      colored (~> 1.2)
      cork (~> 0.1)
      faraday (~> 0)
      git (~> 1)
      octokit (~> 4.2)
      redcarpet (~> 3.3)
      terminal-table (~> 1)
    escape (0.0.4)
    ethon (0.12.0)
      ffi (>= 1.3.0)
    faraday (0.15.4)
      multipart-post (>= 1.2, < 3)
    faraday-http-cache (2.0.0)
      faraday (~> 0.8)
    faraday_middleware (0.13.1)
      faraday (>= 0.7.4, < 1.0)
    ffi (1.10.0)
    fourflusher (0.3.2)
    fuzzy_match (2.0.4)
    gh (0.15.1)
      addressable (~> 2.4.0)
      backports
      faraday (~> 0.8)
      multi_json (~> 1.0)
      net-http-persistent (~> 2.9)
      net-http-pipeline
    git (1.5.0)
    github_changelog_generator (1.14.3)
      activesupport
      faraday-http-cache
      multi_json
      octokit (~> 4.6)
      rainbow (>= 2.1)
      rake (>= 10.0)
      retriable (~> 2.1)
    highline (1.7.10)
    i18n (1.5.3)
      concurrent-ruby (~> 1.0)
    json (2.2.0)
    label (1.0.0)
    launchy (2.4.3)
      addressable (~> 2.3)
    minitest (5.11.3)
    molinillo (0.4.5)
    multi_json (1.13.1)
    multipart-post (2.0.0)
    nanaimo (0.2.6)
    nap (1.1.0)
    net-http-persistent (2.9.4)
    net-http-pipeline (1.0.1)
    netrc (0.11.0)
    octokit (4.13.0)
      sawyer (~> 0.8.0, >= 0.5.3)
    pusher-client (0.6.2)
      json
      websocket (~> 1.0)
    rainbow (3.0.0)
    rake (12.3.3)
    redcarpet (3.4.0)
    retriable (2.1.0)
    rouge (2.0.7)
    sawyer (0.8.1)
      addressable (>= 2.3.5, < 2.6)
      faraday (~> 0.8, < 1.0)
    synx (0.2.1)
      clamp (~> 0.6)
      colorize (~> 0.7)
      xcodeproj (~> 1.0)
    terminal-table (1.8.0)
      unicode-display_width (~> 1.1, >= 1.1.1)
    thread_safe (0.3.6)
    travis (1.8.9)
      backports
      faraday (~> 0.9)
      faraday_middleware (~> 0.9, >= 0.9.1)
      gh (~> 0.13)
      highline (~> 1.6)
      launchy (~> 2.1)
      pusher-client (~> 0.4)
      typhoeus (~> 0.6, >= 0.6.8)
    typhoeus (0.8.0)
      ethon (>= 0.8.0)
    tzinfo (1.2.10)
      thread_safe (~> 0.1)
    unicode-display_width (1.4.1)
    websocket (1.2.8)
    xcodeproj (1.8.1)
      CFPropertyList (>= 2.3.3, < 4.0)
      atomos (~> 0.1.3)
      claide (>= 1.0.2, < 2.0)
      colored2 (~> 3.1)
      nanaimo (~> 0.2.6)
    xcpretty (0.3.0)
      rouge (~> 2.0.7)

PLATFORMS
  ruby

DEPENDENCIES
  activesupport
  cocoapods
  cocoapods-deintegrate
  danger (~> 0.8.5)
  danger-swiftlint!
  ffi (>= 1.9.24)
  github_changelog_generator
  label
  rake
  synx
  travis
  xcpretty

BUNDLED WITH
   2.0.1
